GEM
  remote: https://rubygems.org/
  specs:
    daemons (1.2.6)
    eventmachine (1.2.7)
    httparty (0.21.0)
      mini_mime (>= 1.0.0)
      multi_xml (>= 0.5.2)
    mini_mime (1.1.2)
    multi_xml (0.6.0)
    rack (1.6.10)
    rack-protection (1.5.5)
      rack
    sinatra (1.4.8)
      rack (~> 1.5)
      rack-protection (~> 1.4)
      tilt (>= 1.3, < 3)
    thin (1.7.2)
      daemons (~> 1.0, >= 1.0.9)
      eventmachine (~> 1.0, >= 1.0.4)
      rack (>= 1, < 3)
    tilt (2.0.8)

PLATFORMS
  ruby

DEPENDENCIES
  httparty
  sinatra (~> 1.4.4)
  thin

RUBY VERSION
   ruby 2.3.5p376

BUNDLED WITH
   1.16.2
